GEM
  remote: https://rubygems.org/
  specs:
    raabro (1.4.0)

PLATFORMS
  ruby

DEPENDENCIES
  raabro

BUNDLED WITH
   2.1.4
